GIT
  remote: https://github.com/svenfuchs/gem-release.git
  revision: 55af839c032067cb83d61c8abdb58333edbbd917
  ref: 55af839c032067cb83d61c8abdb58333edbbd917
  branch: sf-github-release
  specs:
    gem-release (2.0.0.rc.2)

PATH
  remote: .
  specs:
    test_gem_release_gh (0.1.0)

GEM
  remote: https://rubygems.org/
  specs:
    diff-lcs (1.3)
    rake (10.5.0)
    rspec (3.8.0)
      rspec-core (~> 3.8.0)
      rspec-expectations (~> 3.8.0)
      rspec-mocks (~> 3.8.0)
    rspec-core (3.8.2)
      rspec-support (~> 3.8.0)
    rspec-expectations (3.8.4)
      diff-lcs (>= 1.2.0, < 2.0)
      rspec-support (~> 3.8.0)
    rspec-mocks (3.8.1)
      diff-lcs (>= 1.2.0, < 2.0)
      rspec-support (~> 3.8.0)
    rspec-support (3.8.2)

PLATFORMS
  ruby

DEPENDENCIES
  bundler (~> 2.0)
  gem-release!
  rake (~> 10.0)
  rspec (~> 3.0)
  test_gem_release_gh!

BUNDLED WITH
   2.0.1
